PATH
  remote: .
  specs:
    zammad_api (1.0.2)
      faraday (~> 0.9)
      logger (~> 1.2)

GEM
  remote: https://rubygems.org/
  specs:
    diff-lcs (1.2.5)
    faraday (0.11.0)
      multipart-post (>= 1.2, < 3)
    logger (1.2.8)
    multipart-post (2.0.0)
    rake (10.5.0)
    rspec (3.5.0)
      rspec-core (~> 3.5.0)
      rspec-expectations (~> 3.5.0)
      rspec-mocks (~> 3.5.0)
    rspec-core (3.5.2)
      rspec-support (~> 3.5.0)
    rspec-expectations (3.5.0)
      diff-lcs (>= 1.2.0, < 2.0)
      rspec-support (~> 3.5.0)
    rspec-mocks (3.5.0)
      diff-lcs (>= 1.2.0, < 2.0)
      rspec-support (~> 3.5.0)
    rspec-support (3.5.0)

PLATFORMS
  ruby

DEPENDENCIES
  bundler (~> 1.12)
  rake (~> 10.0)
  rspec (~> 3.0)
  zammad_api!

BUNDLED WITH
   1.14.4
